GIT
  remote: https://github.com/andyatkinson/pghero.git
  revision: 49336df1ca79c3185a1d6b3c0fb87007ef09c7df
  specs:
    pghero (3.4.0)
      activerecord (>= 6)

GIT
  remote: https://github.com/andyatkinson/pgslice.git
  revision: 9bf03343036a3a5d048588f1ab20bbbc8b227a0b
  specs:
    pgslice (0.6.1)
      pg (>= 1)
      thor

GEM
  remote: https://rubygems.org/
  specs:
    actioncable (7.1.3.4)
      actionpack (= 7.1.3.4)
      activesupport (= 7.1.3.4)
      nio4r (~> 2.0)
      websocket-driver (>= 0.6.1)
      zeitwerk (~> 2.6)
    actionmailbox (7.1.3.4)
      actionpack (= 7.1.3.4)
      activejob (= 7.1.3.4)
      activerecord (= 7.1.3.4)
      activestorage (= 7.1.3.4)
      activesupport (= 7.1.3.4)
      mail (>= 2.7.1)
      net-imap
      net-pop
      net-smtp
    actionmailer (7.1.3.4)
      actionpack (= 7.1.3.4)
      actionview (= 7.1.3.4)
      activejob (= 7.1.3.4)
      activesupport (= 7.1.3.4)
      mail (~> 2.5, >= 2.5.4)
      net-imap
      net-pop
      net-smtp
      rails-dom-testing (~> 2.2)
    actionpack (7.1.3.4)
      actionview (= 7.1.3.4)
      activesupport (= 7.1.3.4)
      nokogiri (>= 1.8.5)
      racc
      rack (>= 2.2.4)
      rack-session (>= 1.0.1)
      rack-test (>= 0.6.3)
      rails-dom-testing (~> 2.2)
      rails-html-sanitizer (~> 1.6)
    actiontext (7.1.3.4)
      actionpack (= 7.1.3.4)
      activerecord (= 7.1.3.4)
      activestorage (= 7.1.3.4)
      activesupport (= 7.1.3.4)
      globalid (>= 0.6.0)
      nokogiri (>= 1.8.5)
    actionview (7.1.3.4)
      activesupport (= 7.1.3.4)
      builder (~> 3.1)
      erubi (~> 1.11)
      rails-dom-testing (~> 2.2)
      rails-html-sanitizer (~> 1.6)
    active_record_doctor (1.14.0)
      activerecord (>= 4.2.0)
    activejob (7.1.3.4)
      activesupport (= 7.1.3.4)
      globalid (>= 0.3.6)
    activemodel (7.1.3.4)
      activesupport (= 7.1.3.4)
    activerecord (7.1.3.4)
      activemodel (= 7.1.3.4)
      activesupport (= 7.1.3.4)
      timeout (>= 0.4.0)
    activerecord-import (1.7.0)
      activerecord (>= 4.2)
    activestorage (7.1.3.4)
      actionpack (= 7.1.3.4)
      activejob (= 7.1.3.4)
      activerecord (= 7.1.3.4)
      activesupport (= 7.1.3.4)
      marcel (~> 1.0)
    activesupport (7.1.3.4)
      base64
      bigdecimal
      concurrent-ruby (~> 1.0, >= 1.0.2)
      connection_pool (>= 2.2.5)
      drb
      i18n (>= 1.6, < 2)
      minitest (>= 5.1)
      mutex_m
      tzinfo (~> 2.0)
    base64 (0.2.0)
    bcrypt (3.1.20)
    benchmark-ips (2.13.0)
    benchmark-memory (0.2.0)
      memory_profiler (~> 1)
    bigdecimal (3.1.8)
    builder (3.3.0)
    choice (0.2.0)
    chronic (0.10.2)
    code_analyzer (0.5.5)
      sexp_processor
    coderay (1.1.3)
    concurrent-ruby (1.3.3)
    connection_pool (2.4.1)
    crass (1.0.6)
    csv (3.3.0)
    database_consistency (1.7.23)
      activerecord (>= 3.2)
    date (3.3.4)
    dotenv (3.1.2)
    dotenv-rails (3.1.2)
      dotenv (= 3.1.2)
      railties (>= 6.1)
    drb (2.2.1)
    erubi (1.13.0)
    erubis (2.7.0)
    faker (3.4.1)
      i18n (>= 1.8.11, < 2)
    faraday (2.10.0)
      faraday-net_http (>= 2.0, < 3.2)
      logger
    faraday-net_http (3.1.0)
      net-http
    fast_count (0.2.0)
      activerecord (>= 6.0)
    fast_jsonapi (1.5)
      activesupport (>= 4.2)
    fx (0.8.0)
      activerecord (>= 6.0.0)
      railties (>= 6.0.0)
    geocoder (1.8.3)
      base64 (>= 0.1.0)
      csv (>= 3.0.0)
    globalid (1.2.1)
      activesupport (>= 6.1)
    google-protobuf (4.27.2-aarch64-linux)
      bigdecimal
      rake (>= 13)
    google-protobuf (4.27.2-arm64-darwin)
      bigdecimal
      rake (>= 13)
    google-protobuf (4.27.2-x86_64-darwin)
      bigdecimal
      rake (>= 13)
    google-protobuf (4.27.2-x86_64-linux)
      bigdecimal
      rake (>= 13)
    i18n (1.14.5)
      concurrent-ruby (~> 1.0)
    importmap-rails (1.2.3)
      actionpack (>= 6.0.0)
      activesupport (>= 6.0.0)
      railties (>= 6.0.0)
    io-console (0.7.2)
    irb (1.14.0)
      rdoc (>= 4.0.0)
      reline (>= 0.4.2)
    json (2.7.2)
    jwt (2.8.2)
      base64
    logger (1.6.0)
    loofah (2.22.0)
      crass (~> 1.0.2)
      nokogiri (>= 1.12.0)
    mail (2.8.1)
      mini_mime (>= 0.1.1)
      net-imap
      net-pop
      net-smtp
    marcel (1.0.4)
    memory_profiler (1.0.2)
    method_source (1.1.0)
    mini_mime (1.1.5)
    minitest (5.24.1)
    mutex_m (0.2.0)
    net-http (0.4.1)
      uri
    net-imap (0.4.14)
      date
      net-protocol
    net-pop (0.1.2)
      net-protocol
    net-protocol (0.2.2)
      timeout
    net-smtp (0.5.0)
      net-protocol
    nio4r (2.7.3)
    nokogiri (1.16.6-aarch64-linux)
      racc (~> 1.4)
    nokogiri (1.16.6-arm64-darwin)
      racc (~> 1.4)
    nokogiri (1.16.6-x86_64-darwin)
      racc (~> 1.4)
    nokogiri (1.16.6-x86_64-linux)
      racc (~> 1.4)
    pg (1.5.6)
    pg_query (5.1.0)
      google-protobuf (>= 3.22.3)
    pg_search (2.3.6)
      activerecord (>= 5.2)
      activesupport (>= 5.2)
    prosopite (1.4.2)
    pry (0.14.2)
      coderay (~> 1.1)
      method_source (~> 1.0)
    psych (5.1.2)
      stringio
    puma (6.4.2)
      nio4r (~> 2.0)
    racc (1.8.0)
    rack (3.1.7)
    rack-session (2.0.0)
      rack (>= 3.0.0)
    rack-test (2.1.0)
      rack (>= 1.3)
    rackup (2.1.0)
      rack (>= 3)
      webrick (~> 1.8)
    rails (7.1.3.4)
      actioncable (= 7.1.3.4)
      actionmailbox (= 7.1.3.4)
      actionmailer (= 7.1.3.4)
      actionpack (= 7.1.3.4)
      actiontext (= 7.1.3.4)
      actionview (= 7.1.3.4)
      activejob (= 7.1.3.4)
      activemodel (= 7.1.3.4)
      activerecord (= 7.1.3.4)
      activestorage (= 7.1.3.4)
      activesupport (= 7.1.3.4)
      bundler (>= 1.15.0)
      railties (= 7.1.3.4)
    rails-dom-testing (2.2.0)
      activesupport (>= 5.0.0)
      minitest
      nokogiri (>= 1.6)
    rails-erd (1.7.2)
      activerecord (>= 4.2)
      activesupport (>= 4.2)
      choice (~> 0.2.0)
      ruby-graphviz (~> 1.2)
    rails-html-sanitizer (1.6.0)
      loofah (~> 2.21)
      nokogiri (~> 1.14)
    rails-pg-extras (5.3.1)
      rails
      ruby-pg-extras (= 5.3.1)
    rails_best_practices (1.23.2)
      activesupport
      code_analyzer (~> 0.5.5)
      erubis
      i18n
      json
      require_all (~> 3.0)
      ruby-progressbar
    railties (7.1.3.4)
      actionpack (= 7.1.3.4)
      activesupport (= 7.1.3.4)
      irb
      rackup (>= 1.0.0)
      rake (>= 12.2)
      thor (~> 1.0, >= 1.2.2)
      zeitwerk (~> 2.6)
    rake (13.2.1)
    rdoc (6.7.0)
      psych (>= 4.0.0)
    reline (0.5.9)
      io-console (~> 0.5)
    require_all (3.0.0)
    rexml (3.3.6)
      strscan
    ruby-graphviz (1.2.5)
      rexml
    ruby-pg-extras (5.3.1)
      pg
      terminal-table
    ruby-progressbar (1.13.0)
    scenic (1.8.0)
      activerecord (>= 4.0.0)
      railties (>= 4.0.0)
    sexp_processor (4.17.2)
    sprockets (4.2.1)
      concurrent-ruby (~> 1.0)
      rack (>= 2.2.4, < 4)
    sprockets-rails (3.5.1)
      actionpack (>= 6.1)
      activesupport (>= 6.1)
      sprockets (>= 3.0.0)
    stringio (3.1.1)
    strong_migrations (2.0.0)
      activerecord (>= 6.1)
    strscan (3.1.0)
    terminal-table (3.0.2)
      unicode-display_width (>= 1.1.1, < 3)
    thor (1.3.1)
    timeout (0.4.1)
    tzinfo (2.0.6)
      concurrent-ruby (~> 1.0)
    unicode-display_width (2.5.0)
    uri (0.13.0)
    webrick (1.8.1)
    websocket-driver (0.7.6)
      websocket-extensions (>= 0.1.0)
    websocket-extensions (0.1.5)
    whenever (1.0.0)
      chronic (>= 0.6.3)
    zeitwerk (2.6.16)

PLATFORMS
  aarch64-linux
  arm64-darwin-22
  arm64-darwin-23
  x86_64-darwin-20
  x86_64-darwin-21
  x86_64-darwin-22
  x86_64-darwin-23
  x86_64-linux

DEPENDENCIES
  active_record_doctor
  activerecord-import (~> 1.5)
  bcrypt (~> 3.1)
  benchmark-ips
  benchmark-memory
  database_consistency
  dotenv-rails
  faker
  faraday
  fast_count
  fast_jsonapi (~> 1.5)
  fx
  geocoder (~> 1.8)
  importmap-rails (~> 1.2)
  json
  jwt (~> 2.7)
  pg (~> 1.5)
  pg_query (~> 5.1)
  pg_search (~> 2.3)
  pghero!
  pgslice!
  prosopite (~> 1.4)
  pry
  puma (~> 6.4)
  rails (~> 7.1, >= 7.1)
  rails-erd
  rails-pg-extras
  rails_best_practices
  scenic
  sprockets-rails (~> 3.4)
  strong_migrations
  whenever (~> 1.0)

BUNDLED WITH
   2.3.6
